GEM
  specs:
    faraday (0.15.4)
      multipart-post (>= 1.2, < 3)
    mail (2.7.1)
      mini_mime (>= 0.1.1)
    mini_mime (1.0.1)
    multipart-post (2.0.0)
    mustermann (1.0.3)
    rack (2.0.6)
    rack-protection (2.0.4)
      rack
    sinatra (2.0.4)
      mustermann (~> 1.0)
      rack (~> 2.0)
      rack-protection (= 2.0.4)
      tilt (~> 2.0)
    tilt (2.0.9)
    yajl-ruby (1.4.1)

PLATFORMS
  ruby

DEPENDENCIES
  faraday (~> 0.15.4)
  mail (~> 2.7.1)
  sinatra (= 2.0.4)
  yajl-ruby (~> 1.4.1)

BUNDLED WITH
   1.17.1
